GEM
  remote: http://rubygems.org/
  specs:
    aws-sdk (1.38.0)
      json (~> 1.4)
      nokogiri (>= 1.4.4)
      uuidtools (~> 2.1)
    blankslate (2.1.2.4)
    capistrano (2.15.5)
      highline
      net-scp (>= 1.0.0)
      net-sftp (>= 2.0.0)
      net-ssh (>= 2.0.14)
      net-ssh-gateway (>= 1.1.0)
    classifier (1.3.4)
      fast-stemmer (>= 1.0.0)
    colorator (0.1)
    commander (4.1.6)
      highline (~> 1.6.11)
    commonjs (0.2.7)
    faraday (0.8.9)
      multipart-post (~> 1.2.0)
    faraday_middleware (0.9.0)
      faraday (>= 0.7.4, < 0.9)
    fast-stemmer (1.0.2)
    ffi (1.9.3)
    haml (3.1.8)
    highline (1.6.21)
    indextank (1.0.13)
      faraday_middleware (>= 0.9.0)
      yajl-ruby (>= 0.7.7)
    japr (0.2.4)
      jekyll (~> 1.1)
      liquid (~> 2.4)
    jekyll (1.5.0)
      classifier (~> 1.3)
      colorator (~> 0.1)
      commander (~> 4.1.3)
      liquid (~> 2.5.5)
      listen (~> 1.3)
      maruku (= 0.7.0)
      pygments.rb (~> 0.5.0)
      redcarpet (~> 2.3.0)
      safe_yaml (~> 1.0)
      toml (~> 0.1.0)
    json (1.8.1)
    less (2.5.0)
      commonjs (~> 0.2.7)
    libv8 (3.16.14.3)
    liquid (2.5.5)
    listen (1.3.1)
      rb-fsevent (>= 0.9.3)
      rb-inotify (>= 0.9)
      rb-kqueue (>= 0.2)
    maruku (0.7.0)
    mime-types (2.2)
    mini_portile (0.5.3)
    multipart-post (1.2.0)
    net-scp (1.1.2)
      net-ssh (>= 2.6.5)
    net-sftp (2.1.2)
      net-ssh (>= 2.6.5)
    net-ssh (2.8.0)
    net-ssh-gateway (1.2.0)
      net-ssh (>= 2.6.5)
    nokogiri (1.6.1)
      mini_portile (~> 0.5.0)
    nokogiri-pretty (0.1.0)
      nokogiri
    parslet (1.5.0)
      blankslate (~> 2.0)
    posix-spawn (0.3.8)
    pygments.rb (0.5.4)
      posix-spawn (~> 0.3.6)
      yajl-ruby (~> 1.1.0)
    rack (1.5.2)
    rake (10.1.1)
    rb-fsevent (0.9.4)
    rb-inotify (0.9.3)
      ffi (>= 0.5.0)
    rb-kqueue (0.2.2)
      ffi (>= 0.5.0)
    rdiscount (2.0.7.3)
    redcarpet (2.3.0)
    ref (1.0.5)
    rubypants (0.2.0)
    s3-static-site (0.3.0)
      aws-sdk
      capistrano
      haml
      mime-types
    safe_yaml (1.0.1)
    stringex (1.4.0)
    therubyracer (0.12.1)
      libv8 (~> 3.16.14.0)
      ref
    toml (0.1.1)
      parslet (~> 1.5.0)
    uuidtools (2.1.4)
    yajl-ruby (1.1.0)
    yui-compressor (0.12.0)

PLATFORMS
  ruby

DEPENDENCIES
  capistrano
  classifier (~> 1.3)
  colorator (~> 0.1)
  commander (~> 4.1.3)
  indextank
  japr
  jekyll (~> 1.5.0)
  less
  liquid (~> 2.5.5)
  listen (~> 1.3)
  maruku (= 0.7.0)
  nokogiri
  nokogiri-pretty
  pygments.rb (~> 0.5.0)
  rack (~> 1.5.2)
  rake (~> 10.1.1)
  rdiscount (~> 2.0.7)
  redcarpet (~> 2.3.0)
  rubypants
  s3-static-site
  safe_yaml (~> 1.0)
  stringex (~> 1.4.0)
  therubyracer
  toml (~> 0.1.0)
  yui-compressor
